GEM
  remote: https://rubygems.org/
  specs:
    RedCloth (4.2.9)
    ace-rails-ap (2.0.1)
    actionmailer (4.1.1)
      actionpack (= 4.1.1)
      actionview (= 4.1.1)
      mail (~> 2.5.4)
    actionpack (4.1.1)
      actionview (= 4.1.1)
      activesupport (= 4.1.1)
      rack (~> 1.5.2)
      rack-test (~> 0.6.2)
    actionview (4.1.1)
      activesupport (= 4.1.1)
      builder (~> 3.1)
      erubis (~> 2.7.0)
    activemodel (4.1.1)
      activesupport (= 4.1.1)
      builder (~> 3.1)
    activerecord (4.1.1)
      activemodel (= 4.1.1)
      activesupport (= 4.1.1)
      arel (~> 5.0.0)
    activesupport (4.1.1)
      i18n (~> 0.6, >= 0.6.9)
      json (~> 1.7, >= 1.7.7)
      minitest (~> 5.1)
      thread_safe (~> 0.1)
      tzinfo (~> 1.1)
    acts-as-taggable-on (2.4.1)
      rails (>= 3, < 5)
    addressable (2.3.5)
    annotate (2.6.0)
      activerecord (>= 2.3.0)
      rake (>= 0.8.7)
    arel (5.0.1.20140414130214)
    asciidoctor (0.1.4)
    awesome_print (1.2.0)
    axiom-types (0.0.5)
      descendants_tracker (~> 0.0.1)
      ice_nine (~> 0.9)
    bcrypt (3.1.7)
    better_errors (1.0.1)
      coderay (>= 1.0.0)
      erubis (>= 2.6.6)
    binding_of_caller (0.7.2)
      debug_inspector (>= 0.0.1)
    bootstrap-sass (3.0.3.0)
      sass (~> 3.2)
    browser (0.8.0)
    builder (3.2.2)
    capybara (2.2.1)
      mime-types (>= 1.16)
      nokogiri (>= 1.3.3)
      rack (>= 1.0.0)
      rack-test (>= 0.5.4)
      xpath (~> 2.0)
    carrierwave (0.9.0)
      activemodel (>= 3.2.0)
      activesupport (>= 3.2.0)
      json (>= 1.7)
    celluloid (0.15.2)
      timers (~> 1.1.0)
    charlock_holmes (0.6.9.4)
    cliver (0.3.2)
    code_analyzer (0.4.3)
      sexp_processor
    coderay (1.1.0)
    coercible (1.0.0)
      descendants_tracker (~> 0.0.1)
    coffee-rails (4.0.1)
      coffee-script (>= 2.2.0)
      railties (>= 4.0.0, < 5.0)
    coffee-script (2.2.0)
      coffee-script-source
      execjs
    coffee-script-source (1.6.3)
    colored (1.2)
    colorize (0.5.8)
    connection_pool (2.1.0)
    coveralls (0.7.0)
      multi_json (~> 1.3)
      rest-client
      simplecov (>= 0.7)
      term-ansicolor
      thor
    crack (0.4.1)
      safe_yaml (~> 0.9.0)
    creole (0.3.8)
    d3_rails (3.1.10)
      railties (>= 3.1.0)
    daemons (1.1.9)
    database_cleaner (1.3.0)
    debug_inspector (0.0.2)
    default_value_for (3.0.0)
      activerecord (>= 3.2.0, < 5.0)
    descendants_tracker (0.0.3)
    devise (3.2.4)
      bcrypt (~> 3.0)
      orm_adapter (~> 0.1)
      railties (>= 3.2.6, < 5)
      thread_safe (~> 0.1)
      warden (~> 1.2.3)
    devise-async (0.9.0)
      devise (~> 3.2)
    diff-lcs (1.2.5)
    diffy (3.0.3)
    docile (1.1.5)
    dotenv (1.0.2)
    dropzonejs-rails (0.4.14)
      rails (> 3.1)
    email_spec (1.5.0)
      launchy (~> 2.1)
      mail (~> 2.2)
    emoji (1.0.1)
      json
    enumerize (0.7.0)
      activesupport (>= 3.2)
    equalizer (0.0.8)
    erubis (2.7.0)
    escape_utils (0.2.4)
    eventmachine (1.0.3)
    execjs (2.0.2)
    expression_parser (0.9.0)
    factory_girl (4.3.0)
      activesupport (>= 3.0.0)
    factory_girl_rails (4.3.0)
      factory_girl (~> 4.3.0)
      railties (>= 3.0.0)
    ffaker (1.22.1)
    ffi (1.9.3)
    font-awesome-rails (4.2.0.0)
      railties (>= 3.2, < 5.0)
    foreman (0.76.0)
      dotenv (~> 1.0.2)
      thor (~> 0.19.1)
    formatador (0.2.4)
    gherkin-ruby (0.3.1)
      racc
    github-markup (1.1.0)
    gitlab-grack (2.0.0.pre)
      rack (~> 1.5.1)
    gitlab-grit (2.6.12)
      charlock_holmes (~> 0.6)
      diff-lcs (~> 1.1)
      mime-types (~> 1.15)
      posix-spawn (~> 0.3)
    gitlab-linguist (3.0.0)
      charlock_holmes (~> 0.6.6)
      escape_utils (~> 0.2.4)
      mime-types (~> 1.19)
    gitlab_emoji (0.0.1.1)
      emoji (~> 1.0.1)
    gitlab_git (7.0.0.rc14)
      activesupport (~> 4.0)
      charlock_holmes (~> 0.6)
      gitlab-linguist (~> 3.0)
      rugged (~> 0.21.2)
    gitlab_meta (7.0)
    gollum-lib (3.0.0)
      github-markup (~> 1.1.0)
      gitlab-grit (~> 2.6.5)
      nokogiri (~> 1.6.1)
      rouge (~> 1.3.3)
      sanitize (~> 2.1.0)
      stringex (~> 2.5.1)
    gon (5.0.1)
      actionpack (>= 2.3.0)
      json
    grape (0.6.1)
      activesupport
      builder
      hashie (>= 1.2.0)
      multi_json (>= 1.3.2)
      multi_xml (>= 0.5.2)
      rack (>= 1.3.0)
      rack-accept
      rack-mount
      virtus (>= 1.0.0)
    grape-entity (0.4.2)
      activesupport
      multi_json (>= 1.3.2)
    growl (1.0.3)
    guard (2.2.4)
      formatador (>= 0.2.4)
      listen (~> 2.1)
      lumberjack (~> 1.0)
      pry (>= 0.9.12)
      thor (>= 0.18.1)
    guard-rspec (4.2.0)
      guard (>= 2.1.1)
      rspec (>= 2.14, < 4.0)
    guard-spinach (0.0.2)
      guard (>= 1.1)
      spinach
    haml (4.0.5)
      tilt
    haml-rails (0.5.3)
      actionpack (>= 4.0.1)
      activesupport (>= 4.0.1)
      haml (>= 3.1, < 5.0)
      railties (>= 4.0.1)
    hashie (2.1.2)
    hike (1.2.3)
    html-pipeline (1.11.0)
      activesupport (>= 2)
      nokogiri (~> 1.4)
    html-pipeline-gitlab (0.1.5)
      actionpack (~> 4)
      gitlab_emoji (~> 0.0.1)
      html-pipeline (~> 1.11.0)
      sanitize (~> 2.1)
    httparty (0.13.0)
      json (~> 1.8)
      multi_xml (>= 0.5.2)
    i18n (0.6.11)
    ice_nine (0.10.0)
    jasmine (2.0.2)
      jasmine-core (~> 2.0.0)
      phantomjs
      rack (>= 1.2.1)
      rake
    jasmine-core (2.0.0)
    jquery-atwho-rails (0.3.3)
    jquery-rails (3.1.0)
      railties (>= 3.0, < 5.0)
      thor (>= 0.14, < 2.0)
    jquery-scrollto-rails (1.4.3)
      railties (> 3.1, < 5.0)
    jquery-turbolinks (2.0.1)
      railties (>= 3.1.0)
      turbolinks
    jquery-ui-rails (4.2.1)
      railties (>= 3.2.16)
    json (1.8.1)
    kaminari (0.15.1)
      actionpack (>= 3.0.0)
      activesupport (>= 3.0.0)
    launchy (2.4.2)
      addressable (~> 2.3)
    letter_opener (1.1.2)
      launchy (~> 2.2)
    libv8 (3.16.14.7)
    listen (2.3.1)
      celluloid (>= 0.15.2)
      rb-fsevent (>= 0.9.3)
      rb-inotify (>= 0.9)
    lumberjack (1.0.4)
    mail (2.5.4)
      mime-types (~> 1.16)
      treetop (~> 1.4.8)
    method_source (0.8.2)
    mime-types (1.25.1)
    mini_portile (0.6.0)
    minitest (5.3.5)
    mousetrap-rails (1.4.6)
    multi_json (1.10.1)
    multi_xml (0.5.5)
    nokogiri (1.6.2.1)
      mini_portile (= 0.6.0)
    nprogress-rails (0.1.2.3)
    omniauth (1.1.4)
      hashie (>= 1.2, < 3)
      rack
    org-ruby (0.9.12)
      rubypants (~> 0.2)
    orm_adapter (0.5.0)
    phantomjs (1.9.2.0)
    poltergeist (1.5.1)
      capybara (~> 2.1)
      cliver (~> 0.3.1)
      multi_json (~> 1.0)
      websocket-driver (>= 0.2.0)
    polyglot (0.3.4)
    posix-spawn (0.3.9)
    pry (0.9.12.4)
      coderay (~> 1.0)
      method_source (~> 0.8)
      slop (~> 3.4)
    quiet_assets (1.0.2)
      railties (>= 3.1, < 5.0)
    racc (1.4.10)
    rack (1.5.2)
    rack-accept (0.4.5)
      rack (>= 0.4)
    rack-cors (0.2.9)
    rack-mini-profiler (0.9.0)
      rack (>= 1.1.3)
    rack-mount (0.8.3)
      rack (>= 1.0.0)
    rack-protection (1.5.1)
      rack
    rack-test (0.6.2)
      rack (>= 1.0)
    rails (4.1.1)
      actionmailer (= 4.1.1)
      actionpack (= 4.1.1)
      actionview (= 4.1.1)
      activemodel (= 4.1.1)
      activerecord (= 4.1.1)
      activesupport (= 4.1.1)
      bundler (>= 1.3.0, < 2.0)
      railties (= 4.1.1)
      sprockets-rails (~> 2.0)
    rails_autolink (1.1.6)
      rails (> 3.1)
    rails_best_practices (1.14.4)
      activesupport
      awesome_print
      code_analyzer (>= 0.4.3)
      colored
      erubis
      i18n
      require_all
      ruby-progressbar
    railties (4.1.1)
      actionpack (= 4.1.1)
      activesupport (= 4.1.1)
      rake (>= 0.8.7)
      thor (>= 0.18.1, < 2.0)
    rake (10.3.2)
    raphael-rails (2.1.2)
    rb-fsevent (0.9.3)
    rb-inotify (0.9.2)
      ffi (>= 0.5.0)
    rdoc (3.12.2)
      json (~> 1.4)
    redcarpet (3.1.2)
    redis (3.1.0)
    redis-actionpack (4.0.0)
      actionpack (~> 4)
      redis-rack (~> 1.5.0)
      redis-store (~> 1.1.0)
    redis-activesupport (4.0.0)
      activesupport (~> 4)
      redis-store (~> 1.1.0)
    redis-namespace (1.5.1)
      redis (~> 3.0, >= 3.0.4)
    redis-rack (1.5.0)
      rack (~> 1.5)
      redis-store (~> 1.1.0)
    redis-rails (4.0.0)
      redis-actionpack (~> 4)
      redis-activesupport (~> 4)
      redis-store (~> 1.1.0)
    redis-store (1.1.4)
      redis (>= 2.2)
    ref (1.0.5)
    request_store (1.0.5)
    require_all (1.3.2)
    rest-client (1.6.7)
      mime-types (>= 1.16)
    rinku (1.7.3)
    rouge (1.3.3)
    rspec (2.14.1)
      rspec-core (~> 2.14.0)
      rspec-expectations (~> 2.14.0)
      rspec-mocks (~> 2.14.0)
    rspec-core (2.14.7)
    rspec-expectations (2.14.4)
      diff-lcs (>= 1.1.3, < 2.0)
    rspec-mocks (2.14.4)
    rspec-rails (2.14.0)
      actionpack (>= 3.0)
      activesupport (>= 3.0)
      railties (>= 3.0)
      rspec-core (~> 2.14.0)
      rspec-expectations (~> 2.14.0)
      rspec-mocks (~> 2.14.0)
    ruby-progressbar (1.2.0)
    rubypants (0.2.0)
    rugged (0.21.3)
    safe_yaml (0.9.7)
    sanitize (2.1.0)
      nokogiri (>= 1.4.4)
    sass (3.2.19)
    sass-rails (4.0.3)
      railties (>= 4.0.0, < 5.0)
      sass (~> 3.2.0)
      sprockets (~> 2.8, <= 2.11.0)
      sprockets-rails (~> 2.0)
    sdoc (0.3.20)
      json (>= 1.1.3)
      rdoc (~> 3.10)
    select2-rails (3.5.2)
      thor (~> 0.14)
    semantic-ui-sass (0.16.1.0)
      sass (~> 3.2)
    settingslogic (2.0.9)
    sexp_processor (4.4.0)
    shoulda-matchers (2.1.0)
      activesupport (>= 3.0.0)
    sidekiq (2.17.8)
      celluloid (= 0.15.2)
      connection_pool (~> 2.0)
      json
      redis (~> 3.1)
      redis-namespace (~> 1.3)
    simplecov (0.9.0)
      docile (~> 1.1.0)
      multi_json
      simplecov-html (~> 0.8.0)
    simplecov-html (0.8.0)
    sinatra (1.4.4)
      rack (~> 1.4)
      rack-protection (~> 1.4)
      tilt (~> 1.3, >= 1.3.4)
    six (0.2.0)
    slim (2.0.2)
      temple (~> 0.6.6)
      tilt (>= 1.3.3, < 2.1)
    slop (3.4.7)
    spinach (0.8.7)
      colorize (= 0.5.8)
      gherkin-ruby (>= 0.3.1)
    spinach-rails (0.2.1)
      capybara (>= 2.0.0)
      railties (>= 3)
      spinach (>= 0.4)
    spring (1.1.3)
    spring-commands-rspec (1.0.1)
      spring (>= 0.9.1)
    spring-commands-spinach (1.0.0)
      spring (>= 0.9.1)
    sprockets (2.11.0)
      hike (~> 1.2)
      multi_json (~> 1.0)
      rack (~> 1.0)
      tilt (~> 1.1, != 1.3.0)
    sprockets-rails (2.1.3)
      actionpack (>= 3.0)
      activesupport (>= 3.0)
      sprockets (~> 2.8)
    sqlite3 (1.3.10)
    stamp (0.5.0)
    state_machine (1.2.0)
    stringex (2.5.1)
    temple (0.6.7)
    term-ansicolor (1.2.2)
      tins (~> 0.8)
    test_after_commit (0.2.2)
    therubyracer (0.12.0)
      libv8 (~> 3.16.14.0)
      ref
    thin (1.6.1)
      daemons (>= 1.0.9)
      eventmachine (>= 1.0.0)
      rack (>= 1.0.0)
    thor (0.19.1)
    thread_safe (0.3.4)
    tilt (1.4.1)
    timers (1.1.0)
    tins (0.13.1)
    treetop (1.4.15)
      polyglot
      polyglot (>= 0.3.1)
    turbolinks (2.0.0)
      coffee-rails
    tzinfo (1.2.2)
      thread_safe (~> 0.1)
    underscore-rails (1.4.4)
    version_sorter (1.1.0)
    virtus (1.0.1)
      axiom-types (~> 0.0.5)
      coercible (~> 1.0)
      descendants_tracker (~> 0.0.1)
      equalizer (~> 0.0.7)
    warden (1.2.3)
      rack (>= 1.0)
    webmock (1.16.0)
      addressable (>= 2.2.7)
      crack (>= 0.3.2)
    websocket-driver (0.3.3)
    wikicloth (0.8.1)
      builder
      expression_parser
      rinku
    xpath (2.0.0)
      nokogiri (~> 1.3)

PLATFORMS
  ruby

DEPENDENCIES
  RedCloth
  ace-rails-ap
  acts-as-taggable-on
  addressable
  annotate (~> 2.6.0.beta2)
  asciidoctor (= 0.1.4)
  awesome_print
  better_errors
  binding_of_caller
  bootstrap-sass (~> 3.0)
  browser
  capybara (~> 2.2.1)
  carrierwave
  coffee-rails
  coveralls
  creole (~> 0.3.6)
  d3_rails (~> 3.1.4)
  database_cleaner
  default_value_for (~> 3.0.0)
  devise (= 3.2.4)
  devise-async (= 0.9.0)
  diffy (~> 3.0.3)
  dropzonejs-rails
  email_spec
  enumerize
  factory_girl_rails
  ffaker
  font-awesome-rails (~> 4.2)
  foreman
  github-markup
  gitlab-grack (~> 2.0.0.pre)
  gitlab-linguist (~> 3.0.0)
  gitlab_emoji (~> 0.0.1.1)
  gitlab_git (= 7.0.0.rc14)
  gitlab_meta (= 7.0)
  gollum-lib (~> 3.0.0)
  gon (~> 5.0.0)
  grape (~> 0.6.1)
  grape-entity (~> 0.4.2)
  growl
  guard-rspec
  guard-spinach
  haml-rails
  html-pipeline-gitlab (~> 0.1.0)
  httparty
  jasmine (= 2.0.2)
  jquery-atwho-rails (~> 0.3.3)
  jquery-rails
  jquery-scrollto-rails
  jquery-turbolinks
  jquery-ui-rails
  kaminari (~> 0.15.1)
  launchy
  letter_opener
  minitest (~> 5.3.0)
  mousetrap-rails
  nprogress-rails
  omniauth (~> 1.1.3)
  org-ruby (= 0.9.12)
  poltergeist (~> 1.5.1)
  pry
  quiet_assets (~> 1.0.1)
  rack-cors
  rack-mini-profiler
  rails (~> 4.1.0)
  rails_autolink (~> 1.1)
  rails_best_practices
  raphael-rails (~> 2.1.2)
  rb-fsevent
  rb-inotify
  rdoc (~> 3.6)
  redcarpet (~> 3.1.2)
  redis-rails
  request_store
  rspec-rails
  sanitize (~> 2.0)
  sass-rails (~> 4.0.2)
  sdoc
  select2-rails
  semantic-ui-sass (~> 0.16.1.0)
  settingslogic
  shoulda-matchers (~> 2.1.0)
  sidekiq (= 2.17.8)
  simplecov
  sinatra
  six
  slim
  spinach-rails
  spring (= 1.1.3)
  spring-commands-rspec (= 1.0.1)
  spring-commands-spinach (= 1.0.0)
  sqlite3
  stamp
  state_machine
  test_after_commit
  therubyracer
  thin
  turbolinks
  underscore-rails (~> 1.4.4)
  version_sorter
  virtus
  webmock
  wikicloth (= 0.8.1)
