GEM
  remote: https://rubygems.org/
  specs:
    RedCloth (4.2.9)
    ace-rails-ap (2.0.1)
    actionmailer (4.1.11)
      actionpack (= 4.1.11)
      actionview (= 4.1.11)
      mail (~> 2.5, >= 2.5.4)
    actionpack (4.1.11)
      actionview (= 4.1.11)
      activesupport (= 4.1.11)
      rack (~> 1.5.2)
      rack-test (~> 0.6.2)
    actionview (4.1.11)
      activesupport (= 4.1.11)
      builder (~> 3.1)
      erubis (~> 2.7.0)
    activemodel (4.1.11)
      activesupport (= 4.1.11)
      builder (~> 3.1)
    activerecord (4.1.11)
      activemodel (= 4.1.11)
      activesupport (= 4.1.11)
      arel (~> 5.0.0)
    activesupport (4.1.11)
      i18n (~> 0.6, >= 0.6.9)
      json (~> 1.7, >= 1.7.7)
      minitest (~> 5.1)
      thread_safe (~> 0.1)
      tzinfo (~> 1.1)
    acts-as-taggable-on (3.5.0)
      activerecord (>= 3.2, < 5)
    addressable (2.3.8)
    annotate (2.6.0)
      activerecord (>= 2.3.0)
      rake (>= 0.8.7)
    arel (5.0.1.20140414130214)
    asciidoctor (1.5.2)
    ast (2.0.0)
    astrolabe (1.3.0)
      parser (>= 2.2.0.pre.3, < 3.0)
    autoprefixer-rails (5.1.11)
      execjs
      json
    awesome_print (1.2.0)
    axiom-types (0.0.5)
      descendants_tracker (~> 0.0.1)
      ice_nine (~> 0.9)
    bcrypt (3.1.7)
    better_errors (1.0.1)
      coderay (>= 1.0.0)
      erubis (>= 2.6.6)
    binding_of_caller (0.7.2)
      debug_inspector (>= 0.0.1)
    bootstrap-sass (3.3.4.1)
      autoprefixer-rails (>= 5.0.0.1)
      sass (>= 3.2.19)
    brakeman (3.0.1)
      erubis (~> 2.6)
      fastercsv (~> 1.5)
      haml (>= 3.0, < 5.0)
      highline (~> 1.6.20)
      multi_json (~> 1.2)
      ruby2ruby (~> 2.1.1)
      ruby_parser (~> 3.5.0)
      sass (~> 3.0)
      terminal-table (~> 1.4)
    browser (0.8.0)
    builder (3.2.2)
    byebug (3.2.0)
      columnize (~> 0.8)
      debugger-linecache (~> 1.2)
    cal-heatmap-rails (0.0.1)
    capybara (2.4.4)
      mime-types (>= 1.16)
      nokogiri (>= 1.3.3)
      rack (>= 1.0.0)
      rack-test (>= 0.5.4)
      xpath (~> 2.0)
    capybara-screenshot (1.0.9)
      capybara (>= 1.0, < 3)
      launchy
    carrierwave (0.9.0)
      activemodel (>= 3.2.0)
      activesupport (>= 3.2.0)
      json (>= 1.7)
    celluloid (0.16.0)
      timers (~> 4.0.0)
    charlock_holmes (0.6.9.4)
    cliver (0.3.2)
    coderay (1.1.0)
    coercible (1.0.0)
      descendants_tracker (~> 0.0.1)
    coffee-rails (4.1.0)
      coffee-script (>= 2.2.0)
      railties (>= 4.0.0, < 5.0)
    coffee-script (2.4.1)
      coffee-script-source
      execjs
    coffee-script-source (1.9.1.1)
    colorize (0.5.8)
    columnize (0.9.0)
    connection_pool (2.1.0)
    coveralls (0.8.2)
      json (~> 1.8)
      rest-client (>= 1.6.8, < 2)
      simplecov (~> 0.10.0)
      term-ansicolor (~> 1.3)
      thor (~> 0.19.1)
    crack (0.4.2)
      safe_yaml (~> 1.0.0)
    creole (0.3.8)
    d3_rails (3.5.5)
      railties (>= 3.1.0)
    daemons (1.1.9)
    database_cleaner (1.4.1)
    debug_inspector (0.0.2)
    debugger-linecache (1.2.0)
    default_value_for (3.0.0)
      activerecord (>= 3.2.0, < 5.0)
    descendants_tracker (0.0.3)
    devise (3.2.4)
      bcrypt (~> 3.0)
      orm_adapter (~> 0.1)
      railties (>= 3.2.6, < 5)
      thread_safe (~> 0.1)
      warden (~> 1.2.3)
    devise-async (0.9.0)
      devise (~> 3.2)
    diff-lcs (1.2.5)
    diffy (3.0.3)
    docile (1.1.5)
    domain_name (0.5.24)
      unf (>= 0.0.5, < 1.0.0)
    dropzonejs-rails (0.7.1)
      rails (> 3.1)
    email_reply_parser (0.5.8)
    email_spec (1.6.0)
      launchy (~> 2.1)
      mail (~> 2.2)
    enumerize (0.7.0)
      activesupport (>= 3.2)
    equalizer (0.0.8)
    erubis (2.7.0)
    escape_utils (0.2.4)
    eventmachine (1.0.4)
    execjs (2.5.2)
    expression_parser (0.9.0)
    factory_girl (4.3.0)
      activesupport (>= 3.0.0)
    factory_girl_rails (4.3.0)
      factory_girl (~> 4.3.0)
      railties (>= 3.0.0)
    fastercsv (1.5.5)
    ffaker (2.0.0)
    ffi (1.9.8)
    font-awesome-rails (4.2.0.0)
      railties (>= 3.2, < 5.0)
    fuubar (2.0.0)
      rspec (~> 3.0)
      ruby-progressbar (~> 1.4)
    gemojione (2.0.0)
      json
    gherkin-ruby (0.3.1)
      racc
    github-markup (1.3.1)
      posix-spawn (~> 0.3.8)
    gitlab-grack (2.0.2)
      rack (~> 1.5.1)
    gitlab-grit (2.7.2)
      charlock_holmes (~> 0.6)
      diff-lcs (~> 1.1)
      mime-types (~> 1.15)
      posix-spawn (~> 0.3)
    gitlab-linguist (3.0.1)
      charlock_holmes (~> 0.6.6)
      escape_utils (~> 0.2.4)
      mime-types (~> 1.19)
    gitlab_emoji (0.1.0)
      gemojione (~> 2.0)
    gitlab_git (7.2.14)
      activesupport (~> 4.0)
      charlock_holmes (~> 0.6)
      gitlab-linguist (~> 3.0)
      rugged (~> 0.22.2)
    gollum-grit_adapter (0.1.3)
      gitlab-grit (~> 2.7, >= 2.7.1)
    gollum-lib (4.0.2)
      github-markup (~> 1.3.1)
      gollum-grit_adapter (~> 0.1, >= 0.1.1)
      nokogiri (~> 1.6.4)
      rouge (~> 1.9)
      sanitize (~> 2.1.0)
      stringex (~> 2.5.1)
    gon (5.0.1)
      actionpack (>= 2.3.0)
      json
    haml (4.0.7)
      tilt
    haml-rails (0.5.3)
      actionpack (>= 4.0.1)
      activesupport (>= 4.0.1)
      haml (>= 3.1, < 5.0)
      railties (>= 4.0.1)
    highline (1.6.21)
    hike (1.2.3)
    hitimes (1.2.2)
    html-pipeline (1.11.0)
      activesupport (>= 2)
      nokogiri (~> 1.4)
    http-cookie (1.0.2)
      domain_name (~> 0.5)
    httparty (0.13.3)
      json (~> 1.8)
      multi_xml (>= 0.5.2)
    i18n (0.7.0)
    ice_cube (0.11.1)
    ice_nine (0.10.0)
    jquery-atwho-rails (1.0.1)
    jquery-rails (3.1.3)
      railties (>= 3.0, < 5.0)
      thor (>= 0.14, < 2.0)
    jquery-scrollto-rails (1.4.3)
      railties (> 3.1, < 5.0)
    jquery-turbolinks (2.0.1)
      railties (>= 3.1.0)
      turbolinks
    jquery-ui-rails (4.2.1)
      railties (>= 3.2.16)
    json (1.8.3)
    kaminari (0.15.1)
      actionpack (>= 3.0.0)
      activesupport (>= 3.0.0)
    launchy (2.4.3)
      addressable (~> 2.3)
    letter_opener (1.1.2)
      launchy (~> 2.2)
    listen (2.10.0)
      celluloid (~> 0.16.0)
      rb-fsevent (>= 0.9.3)
      rb-inotify (>= 0.9)
    mail (2.6.3)
      mime-types (>= 1.16, < 3)
    mail_room (0.4.0)
    method_source (0.8.2)
    mime-types (1.25.1)
    mini_portile (0.6.2)
    minitest (5.3.5)
    mousetrap-rails (1.4.6)
    multi_json (1.11.2)
    multi_xml (0.5.5)
    netrc (0.10.3)
    nokogiri (1.6.6.2)
      mini_portile (~> 0.6.0)
    nprogress-rails (0.1.2.3)
    org-ruby (0.9.12)
      rubypants (~> 0.2)
    orm_adapter (0.5.0)
    parser (2.2.0.2)
      ast (>= 1.1, < 3.0)
    poltergeist (1.6.0)
      capybara (~> 2.1)
      cliver (~> 0.3.1)
      multi_json (~> 1.0)
      websocket-driver (>= 0.2.0)
    posix-spawn (0.3.9)
    powerpack (0.0.9)
    pry (0.9.12.4)
      coderay (~> 1.0)
      method_source (~> 0.8)
      slop (~> 3.4)
    pry-rails (0.3.2)
      pry (>= 0.9.10)
    quiet_assets (1.0.2)
      railties (>= 3.1, < 5.0)
    racc (1.4.10)
    rack (1.5.5)
    rack-mini-profiler (0.9.0)
      rack (>= 1.1.3)
    rack-protection (1.5.1)
      rack
    rack-test (0.6.3)
      rack (>= 1.0)
    rails (4.1.11)
      actionmailer (= 4.1.11)
      actionpack (= 4.1.11)
      actionview (= 4.1.11)
      activemodel (= 4.1.11)
      activerecord (= 4.1.11)
      activesupport (= 4.1.11)
      bundler (>= 1.3.0, < 2.0)
      railties (= 4.1.11)
      sprockets-rails (~> 2.0)
    railties (4.1.11)
      actionpack (= 4.1.11)
      activesupport (= 4.1.11)
      rake (>= 0.8.7)
      thor (>= 0.18.1, < 2.0)
    rainbow (2.0.0)
    rake (10.4.2)
    raphael-rails (2.1.2)
    rb-fsevent (0.9.4)
    rb-inotify (0.9.5)
      ffi (>= 0.5.0)
    rdoc (3.12.2)
      json (~> 1.4)
    redcarpet (3.3.2)
    redis (3.2.1)
    redis-actionpack (4.0.0)
      actionpack (~> 4)
      redis-rack (~> 1.5.0)
      redis-store (~> 1.1.0)
    redis-activesupport (4.0.0)
      activesupport (~> 4)
      redis-store (~> 1.1.0)
    redis-namespace (1.5.1)
      redis (~> 3.0, >= 3.0.4)
    redis-rack (1.5.0)
      rack (~> 1.5)
      redis-store (~> 1.1.0)
    redis-rails (4.0.0)
      redis-actionpack (~> 4)
      redis-activesupport (~> 4)
      redis-store (~> 1.1.0)
    redis-store (1.1.6)
      redis (>= 2.2)
    request_store (1.0.5)
    rerun (0.10.0)
      listen (~> 2.7, >= 2.7.3)
    rest-client (1.8.0)
      http-cookie (>= 1.0.2, < 2.0)
      mime-types (>= 1.16, < 3.0)
      netrc (~> 0.7)
    rinku (1.7.3)
    rouge (1.9.1)
    rspec (3.3.0)
      rspec-core (~> 3.3.0)
      rspec-expectations (~> 3.3.0)
      rspec-mocks (~> 3.3.0)
    rspec-core (3.3.1)
      rspec-support (~> 3.3.0)
    rspec-expectations (3.3.0)
      diff-lcs (>= 1.2.0, < 2.0)
      rspec-support (~> 3.3.0)
    rspec-mocks (3.3.0)
      diff-lcs (>= 1.2.0, < 2.0)
      rspec-support (~> 3.3.0)
    rspec-rails (3.3.2)
      actionpack (>= 3.0, < 4.3)
      activesupport (>= 3.0, < 4.3)
      railties (>= 3.0, < 4.3)
      rspec-core (~> 3.3.0)
      rspec-expectations (~> 3.3.0)
      rspec-mocks (~> 3.3.0)
      rspec-support (~> 3.3.0)
    rspec-support (3.3.0)
    rubocop (0.28.0)
      astrolabe (~> 1.3)
      parser (>= 2.2.0.pre.7, < 3.0)
      powerpack (~> 0.0.6)
      rainbow (>= 1.99.1, < 3.0)
      ruby-progressbar (~> 1.4)
    ruby-progressbar (1.7.1)
    ruby2ruby (2.1.3)
      ruby_parser (~> 3.1)
      sexp_processor (~> 4.0)
    ruby_parser (3.5.0)
      sexp_processor (~> 4.1)
    rubypants (0.2.0)
    rugged (0.22.2)
    safe_yaml (1.0.4)
    sanitize (2.1.0)
      nokogiri (>= 1.4.4)
    sass (3.2.19)
    sass-rails (4.0.5)
      railties (>= 4.0.0, < 5.0)
      sass (~> 3.2.2)
      sprockets (~> 2.8, < 3.0)
      sprockets-rails (~> 2.0)
    sdoc (0.3.20)
      json (>= 1.1.3)
      rdoc (~> 3.10)
    select2-rails (3.5.9.3)
      thor (~> 0.14)
    settingslogic (2.0.9)
    sexp_processor (4.4.5)
    shoulda-matchers (2.8.0)
      activesupport (>= 3.0.0)
    sidekiq (3.3.0)
      celluloid (>= 0.16.0)
      connection_pool (>= 2.0.0)
      json
      redis (>= 3.0.6)
      redis-namespace (>= 1.3.1)
    sidetiq (0.6.3)
      celluloid (>= 0.14.1)
      ice_cube (= 0.11.1)
      sidekiq (>= 3.0.0)
    simplecov (0.10.0)
      docile (~> 1.1.0)
      json (~> 1.8)
      simplecov-html (~> 0.10.0)
    simplecov-html (0.10.0)
    sinatra (1.4.4)
      rack (~> 1.4)
      rack-protection (~> 1.4)
      tilt (~> 1.3, >= 1.3.4)
    six (0.2.0)
    slim (2.0.2)
      temple (~> 0.6.6)
      tilt (>= 1.3.3, < 2.1)
    slop (3.6.0)
    spinach (0.8.7)
      colorize (= 0.5.8)
      gherkin-ruby (>= 0.3.1)
    spinach-rails (0.2.1)
      capybara (>= 2.0.0)
      railties (>= 3)
      spinach (>= 0.4)
    spring (1.3.6)
    spring-commands-rspec (1.0.4)
      spring (>= 0.9.1)
    spring-commands-spinach (1.0.0)
      spring (>= 0.9.1)
    spring-commands-teaspoon (0.0.2)
      spring (>= 0.9.1)
    sprockets (2.12.4)
      hike (~> 1.2)
      multi_json (~> 1.0)
      rack (~> 1.0)
      tilt (~> 1.1, != 1.3.0)
    sprockets-rails (2.3.2)
      actionpack (>= 3.0)
      activesupport (>= 3.0)
      sprockets (>= 2.8, < 4.0)
    sqlite3 (1.3.10)
    stamp (0.5.0)
    state_machine (1.2.0)
    stringex (2.5.2)
    task_list (1.0.2)
      html-pipeline
    teaspoon (1.0.2)
      railties (>= 3.2.5, < 5)
    teaspoon-jasmine (2.2.0)
      teaspoon (>= 1.0.0)
    temple (0.6.7)
    term-ansicolor (1.3.2)
      tins (~> 1.0)
    terminal-table (1.4.5)
    test_after_commit (0.2.2)
    thin (1.6.1)
      daemons (>= 1.0.9)
      eventmachine (>= 1.0.0)
      rack (>= 1.0.0)
    thor (0.19.1)
    thread_safe (0.3.5)
    tilt (1.4.1)
    timers (4.0.1)
      hitimes
    tins (1.5.4)
    turbolinks (2.5.3)
      coffee-rails
    tzinfo (1.2.2)
      thread_safe (~> 0.1)
    underscore-rails (1.4.4)
    unf (0.1.4)
      unf_ext
    unf_ext (0.0.7.1)
    version_sorter (2.0.0)
    virtus (1.0.1)
      axiom-types (~> 0.0.5)
      coercible (~> 1.0)
      descendants_tracker (~> 0.0.1)
      equalizer (~> 0.0.7)
    warden (1.2.3)
      rack (>= 1.0)
    webmock (1.21.0)
      addressable (>= 2.3.6)
      crack (>= 0.3.2)
    websocket-driver (0.5.4)
      websocket-extensions (>= 0.1.0)
    websocket-extensions (0.1.2)
    wikicloth (0.8.1)
      builder
      expression_parser
      rinku
    xpath (2.0.0)
      nokogiri (~> 1.3)

PLATFORMS
  ruby

DEPENDENCIES
  RedCloth
  ace-rails-ap
  acts-as-taggable-on (~> 3.4)
  addressable
  annotate (~> 2.6.0.beta2)
  asciidoctor (~> 1.5.2)
  awesome_print
  better_errors
  binding_of_caller
  bootstrap-sass (~> 3.0)
  brakeman
  browser (~> 0.8.0)
  byebug
  cal-heatmap-rails (~> 0.0.1)
  capybara (~> 2.4.0)
  capybara-screenshot (~> 1.0.0)
  carrierwave
  charlock_holmes
  coffee-rails
  coveralls (~> 0.8.2)
  creole (~> 0.3.6)
  d3_rails (~> 3.5.5)
  database_cleaner (~> 1.4.0)
  default_value_for (~> 3.0.0)
  devise (= 3.2.4)
  devise-async (= 0.9.0)
  diffy (~> 3.0.3)
  dropzonejs-rails
  email_reply_parser
  email_spec (~> 1.6.0)
  enumerize
  factory_girl_rails
  ffaker (~> 2.0.0)
  font-awesome-rails (~> 4.2)
  fuubar (~> 2.0.0)
  github-markup
  gitlab-grack (~> 2.0.2)
  gitlab-linguist (~> 3.0.1)
  gitlab_emoji (~> 0.1)
  gitlab_git (~> 7.2.14)
  gollum-lib (~> 4.0.2)
  gon (~> 5.0.0)
  haml-rails
  html-pipeline (~> 1.11.0)
  httparty
  jquery-atwho-rails (~> 1.0.0)
  jquery-rails (= 3.1.3)
  jquery-scrollto-rails
  jquery-turbolinks
  jquery-ui-rails
  kaminari (~> 0.15.1)
  letter_opener
  mail_room (~> 0.4.0)
  minitest (~> 5.3.0)
  mousetrap-rails
  nprogress-rails
  org-ruby (= 0.9.12)
  poltergeist (~> 1.6.0)
  pry-rails
  quiet_assets (~> 1.0.1)
  rack-mini-profiler
  rails (= 4.1.11)
  raphael-rails (~> 2.1.2)
  rdoc (~> 3.6)
  redcarpet (~> 3.3.2)
  redis-rails
  request_store
  rerun (~> 0.10.0)
  rspec-rails (~> 3.3.0)
  rubocop (= 0.28.0)
  sanitize (~> 2.0)
  sass-rails (~> 4.0.5)
  sdoc
  select2-rails (~> 3.5.9)
  settingslogic
  shoulda-matchers (~> 2.8.0)
  sidekiq (~> 3.3)
  sidetiq (= 0.6.3)
  simplecov
  sinatra
  six
  slim
  spinach-rails
  spring (~> 1.3.1)
  spring-commands-rspec (~> 1.0.0)
  spring-commands-spinach (~> 1.0.0)
  spring-commands-teaspoon (~> 0.0.2)
  sprockets (~> 2.12.3)
  sqlite3
  stamp
  state_machine
  task_list (= 1.0.2)
  teaspoon (~> 1.0.0)
  teaspoon-jasmine
  test_after_commit
  thin
  turbolinks (~> 2.5.0)
  underscore-rails (~> 1.4.4)
  version_sorter
  virtus
  webmock (~> 1.21.0)
  wikicloth (= 0.8.1)

BUNDLED WITH
   1.10.6
